GEM
  remote: https://rubygems.org/
  specs:
    activemodel (3.2.12)
      activesupport (= 3.2.12)
      builder (~> 3.0.0)
    activesupport (3.2.12)
      i18n (~> 0.6)
      multi_json (~> 1.0)
    bson (1.8.2)
    bson_ext (1.8.2)
      bson (~> 1.8.2)
    builder (3.0.4)
    curb (0.8.3)
    daemons (1.1.9)
    eventmachine (1.0.0)
    i18n (0.6.1)
    json (1.7.7)
    meme_captain (0.1.2)
      bson_ext
      curb
      json
      mime-types
      mongo
      mongo_mapper
      rack
      rack-contrib
      rack-rewrite
      rmagick
      sinatra
    mime-types (1.21)
    mongo (1.8.2)
      bson (~> 1.8.2)
    mongo_mapper (0.12.0)
      activemodel (~> 3.0)
      activesupport (~> 3.0)
      plucky (~> 0.5.2)
    multi_json (1.6.1)
    new_base_60 (1.1)
    plucky (0.5.2)
      mongo (~> 1.5)
    rack (1.5.2)
    rack-contrib (1.1.0)
      rack (>= 0.9.1)
    rack-protection (1.3.2)
      rack
    rack-rewrite (1.3.3)
    rmagick (2.13.2)
    sinatra (1.3.4)
      rack (~> 1.4)
      rack-protection (~> 1.3)
      tilt (~> 1.3, >= 1.3.3)
    thin (1.5.0)
      daemons (>= 1.0.9)
      eventmachine (>= 0.12.6)
      rack (>= 1.0.0)
    tilt (1.3.3)

PLATFORMS
  ruby

DEPENDENCIES
  meme_captain
  new_base_60
  sinatra
  thin
